GEM
  remote: https://rubygems.org/
  specs:
    aws-sdk (2.2.17)
      aws-sdk-resources (= 2.2.17)
    aws-sdk-core (2.2.17)
      jmespath (~> 1.0)
    aws-sdk-resources (2.2.17)
      aws-sdk-core (= 2.2.17)
    aws-sdk-utils (0.0.5)
      aws-sdk (= 2.2.17)
      cfndsl (= 0.4.0)
    cfndsl (0.4.0)
    jenkins_api_client (1.4.2)
      json
      mixlib-shellout (>= 1.1.0)
      nokogiri (~> 1.6.0)
      terminal-table (>= 1.4.0)
      thor (>= 0.16.0)
    jmespath (1.1.3)
    json (1.8.3)
    mini_portile2 (2.0.0)
    mixlib-shellout (2.2.6)
    nokogiri (1.6.7.2)
      mini_portile2 (~> 2.0.0.rc2)
    terminal-table (1.5.2)
    thor (0.19.1)

PLATFORMS
  ruby

DEPENDENCIES
  aws-sdk-utils
  cfndsl
  jenkins_api_client

BUNDLED WITH
   1.11.2
